GEM
  remote: http://rubygems.org/
  specs:
    getopt (1.4.1)
    mechanize (1.0.0)
      nokogiri (>= 1.2.1)
    nokogiri (1.5.0)
    nokogiri (1.5.0-java)

PLATFORMS
  java
  ruby

DEPENDENCIES
  getopt
  mechanize
  nokogiri
