GEM
  remote: http://rubygems.org/
  specs:
    getopt (1.4.1)
    nokogiri (1.5.0)
    nokogiri (1.5.0-java)
    patron (0.4.13)

PLATFORMS
  java
  ruby

DEPENDENCIES
  getopt
  nokogiri
  patron
