GEM
  remote: http://rubygems.org/
  specs:
    getopt (1.4.1)
    nokogiri (1.5.0)

PLATFORMS
  ruby

DEPENDENCIES
  getopt
  nokogiri
